GIT
  remote: https://github.com/ahelal/kitchen-verifier-serverspec.git
  revision: 6d461866052b6944b04a12d7029aa3b3b7170d75
  branch: feature/hellofresh
  specs:
    kitchen-verifier-serverspec (0.5.2)
      net-ssh (~> 3)
      test-kitchen (~> 1.4)

GEM
  remote: https://rubygems.org/
  specs:
    artifactory (2.5.0)
    aws-sdk (2.6.5)
      aws-sdk-resources (= 2.6.5)
    aws-sdk-core (2.6.5)
      jmespath (~> 1.0)
    aws-sdk-resources (2.6.5)
      aws-sdk-core (= 2.6.5)
    diff-lcs (1.2.5)
    excon (0.53.0)
    jmespath (1.3.1)
    kitchen-ansiblepush (0.4.0)
      test-kitchen
    kitchen-docker (2.6.0)
      test-kitchen (>= 1.0.0)
    kitchen-ec2 (1.2.0)
      aws-sdk (~> 2)
      excon
      multi_json
      retryable (~> 2.0)
      test-kitchen (~> 1.4, >= 1.4.1)
    kitchen-goss (0.0.2)
      test-kitchen
    kitchen-vagrant (0.20.0)
      test-kitchen (~> 1.4)
    mixlib-install (2.1.0)
      artifactory
      mixlib-shellout
      mixlib-versioning
    mixlib-shellout (2.2.7)
    mixlib-versioning (1.1.0)
    multi_json (1.12.1)
    net-scp (1.2.1)
      net-ssh (>= 2.6.5)
    net-ssh (3.2.0)
    net-ssh-gateway (1.2.0)
      net-ssh (>= 2.6.5)
    net-telnet (0.1.1)
    retryable (2.0.4)
    rspec (3.5.0)
      rspec-core (~> 3.5.0)
      rspec-expectations (~> 3.5.0)
      rspec-mocks (~> 3.5.0)
    rspec-core (3.5.4)
      rspec-support (~> 3.5.0)
    rspec-expectations (3.5.0)
      diff-lcs (>= 1.2.0, < 2.0)
      rspec-support (~> 3.5.0)
    rspec-its (1.2.0)
      rspec-core (>= 3.0.0)
      rspec-expectations (>= 3.0.0)
    rspec-mocks (3.5.0)
      diff-lcs (>= 1.2.0, < 2.0)
      rspec-support (~> 3.5.0)
    rspec-support (3.5.0)
    safe_yaml (1.0.4)
    serverspec (2.36.1)
      multi_json
      rspec (~> 3.0)
      rspec-its
      specinfra (~> 2.53)
    sfl (2.3)
    specinfra (2.63.2)
      net-scp
      net-ssh (>= 2.7, < 4.0)
      net-telnet
      sfl
    test-kitchen (1.13.2)
      mixlib-install (>= 1.2, < 3.0)
      mixlib-shellout (>= 1.2, < 3.0)
      net-scp (~> 1.1)
      net-ssh (>= 2.9, < 4.0)
      net-ssh-gateway (~> 1.2.0)
      safe_yaml (~> 1.0)
      thor (~> 0.18)
    thor (0.19.1)

PLATFORMS
  ruby

DEPENDENCIES
  kitchen-ansiblepush
  kitchen-docker
  kitchen-ec2
  kitchen-goss
  kitchen-vagrant
  kitchen-verifier-serverspec!
  net-ssh
  serverspec
  test-kitchen

BUNDLED WITH
   1.13.1
