GEM
  remote: https://rubygems.org/
  specs:
    artifactory (2.5.0)
    aws-sdk (2.6.5)
      aws-sdk-resources (= 2.6.5)
    aws-sdk-core (2.6.5)
      jmespath (~> 1.0)
    aws-sdk-resources (2.6.5)
      aws-sdk-core (= 2.6.5)
    excon (0.53.0)
    faraday (0.13.1)
      multipart-post (>= 1.2, < 3)
    jmespath (1.3.1)
    kitchen-ansiblepush (0.4.0)
      test-kitchen
    kitchen-docker (2.6.0)
      test-kitchen (>= 1.0.0)
    kitchen-ec2 (1.2.0)
      aws-sdk (~> 2)
      excon
      multi_json
      retryable (~> 2.0)
      test-kitchen (~> 1.4, >= 1.4.1)
    kitchen-goss (0.0.2)
      test-kitchen
    kitchen-localhost (0.3.0)
      test-kitchen (~> 1.4)
    kitchen-vagrant (0.20.0)
      test-kitchen (~> 1.4)
    mixlib-install (2.1.0)
      artifactory
      mixlib-shellout
      mixlib-versioning
    mixlib-shellout (2.2.7)
    mixlib-versioning (1.1.0)
    multi_json (1.12.1)
    multipart-post (2.0.0)
    net-scp (1.2.1)
      net-ssh (>= 2.6.5)
    net-ssh (2.9.4)
    net-ssh-gateway (1.2.0)
      net-ssh (>= 2.6.5)
    retryable (2.0.4)
    safe_yaml (1.0.4)
    test-kitchen (1.13.2)
      mixlib-install (>= 1.2, < 3.0)
      mixlib-shellout (>= 1.2, < 3.0)
      net-scp (~> 1.1)
      net-ssh (>= 2.9, < 4.0)
      net-ssh-gateway (~> 1.2.0)
      safe_yaml (~> 1.0)
      thor (~> 0.18)
    thor (0.19.1)

PLATFORMS
  ruby

DEPENDENCIES
  aws-sdk-resources
  faraday
  jmespath
  kitchen-ansiblepush
  kitchen-docker
  kitchen-ec2
  kitchen-goss
  kitchen-localhost
  kitchen-vagrant
  net-scp
  net-ssh (~> 2.0)
  test-kitchen

BUNDLED WITH
   1.16.0
